GEM
  remote: https://rubygems.org/
  specs:
    CFPropertyList (2.2.8)
    addressable (2.3.6)
    ansi (1.4.3)
    boxen (1.2.1)
      ansi (~> 1.4)
      hiera (~> 1.0)
      highline (~> 1.6)
      json_pure (>= 1.7.7, < 2.0)
      librarian-puppet (~> 0.9.9)
      octokit (~> 1.15)
      puppet (~> 3.0)
    cardboard (1.0.4)
      boxen (~> 1.0)
      puppet-lint (~> 0.3)
      puppetlabs_spec_helper (~> 0.4)
      rspec-puppet (~> 0.1)
    diff-lcs (1.2.5)
    facter (2.3.0)
      CFPropertyList (~> 2.2.6)
    faraday (0.8.7)
      multipart-post (~> 1.1)
    faraday_middleware (0.9.0)
      faraday (>= 0.7.4, < 0.9)
    hashie (2.0.5)
    hiera (1.3.4)
      json_pure
    highline (1.6.21)
    json (1.8.1)
    json_pure (1.8.1)
    librarian-puppet (0.9.9)
      json
      thor (~> 0.15)
    metaclass (0.0.4)
    mocha (1.1.0)
      metaclass (~> 0.0.1)
    multi_json (1.7.3)
    multipart-post (1.2.0)
    netrc (0.7.7)
    octokit (1.24.0)
      addressable (~> 2.2)
      faraday (~> 0.8)
      faraday_middleware (~> 0.9)
      hashie (~> 2.0)
      multi_json (~> 1.3)
      netrc (~> 0.7.7)
    puppet (3.7.3)
      facter (> 1.6, < 3)
      hiera (~> 1.0)
      json_pure
    puppet-lint (0.3.2)
    puppet-syntax (1.3.0)
      rake
    puppetlabs_spec_helper (0.8.2)
      mocha
      puppet-lint
      puppet-syntax
      rake
      rspec
      rspec-puppet
    rake (10.4.2)
    rspec (3.1.0)
      rspec-core (~> 3.1.0)
      rspec-expectations (~> 3.1.0)
      rspec-mocks (~> 3.1.0)
    rspec-core (3.1.7)
      rspec-support (~> 3.1.0)
    rspec-expectations (3.1.2)
      diff-lcs (>= 1.2.0, < 2.0)
      rspec-support (~> 3.1.0)
    rspec-mocks (3.1.3)
      rspec-support (~> 3.1.0)
    rspec-puppet (0.1.6)
      rspec
    rspec-support (3.1.2)
    thor (0.19.1)

PLATFORMS
  ruby

DEPENDENCIES
  cardboard (~> 1.0)
